GEM
  remote: http://rubygems.org/
  specs:
    POpen4 (0.1.4)
      Platform (>= 0.4.0)
      open4
    Platform (0.4.0)
    faster_xml_simple (0.5.0)
      libxml-ruby (>= 0.3.8.4)
    highline (1.6.15)
    hike (1.2.1)
    httpclient (2.3.0.1)
    json (1.7.5)
    libxml-ruby (2.3.3)
    multi_json (1.3.6)
    net-github-upload (0.0.8)
      faster_xml_simple
      httpclient
      json
      nokogiri (>= 1.4.0)
    nokogiri (1.5.5)
    open4 (1.3.0)
    rack (1.4.1)
    rake (0.9.2.2)
    sprockets (2.7.0)
      hike (~> 1.2)
      multi_json (~> 1.0)
      rack (~> 1.0)
      tilt (~> 1.1, != 1.3.0)
    tilt (1.3.3)
    yui-compressor (0.9.6)
      POpen4 (>= 0.1.4)

PLATFORMS
  ruby

DEPENDENCIES
  highline (~> 1.6.15)
  net-github-upload (~> 0.0.8)
  rake (~> 0.9.2.2)
  sprockets (~> 2.7.0)
  yui-compressor (~> 0.9.6)
